PATH
  remote: .
  specs:
    fech (1.9)
      ensure-encoding
      fastercsv
      people

GEM
  remote: http://rubygems.org/
  specs:
    byebug (10.0.2)
    diff-lcs (1.3)
    ensure-encoding (0.1)
    fastercsv (1.5.5)
    metaclass (0.0.4)
    mocha (1.7.0)
      metaclass (~> 0.0.1)
    people (0.2.1)
    rake (12.3.1)
    rdoc (6.0.4)
    rspec (3.8.0)
      rspec-core (~> 3.8.0)
      rspec-expectations (~> 3.8.0)
      rspec-mocks (~> 3.8.0)
    rspec-core (3.8.0)
      rspec-support (~> 3.8.0)
    rspec-expectations (3.8.1)
      diff-lcs (>= 1.2.0, < 2.0)
      rspec-support (~> 3.8.0)
    rspec-mocks (3.8.0)
      diff-lcs (>= 1.2.0, < 2.0)
      rspec-support (~> 3.8.0)
    rspec-support (3.8.0)
    yard (0.9.16)

PLATFORMS
  ruby

DEPENDENCIES
  bundler
  byebug
  fech!
  mocha
  rake
  rdoc
  rspec
  yard

BUNDLED WITH
   1.16.0
